GEM
  remote: https://rubygems.org/
  specs:
    execjs (2.7.0)
    rack (1.5.2)
    rack-protection (1.5.0)
      rack
    sinatra (1.4.3)
      rack (~> 1.4)
      rack-protection (~> 1.4)
      tilt (~> 1.3, >= 1.3.4)
    tilt (1.4.1)

PLATFORMS
  ruby

DEPENDENCIES
  execjs
  sinatra

RUBY VERSION
   ruby 2.6.3p62

BUNDLED WITH
   2.0.1
